GEM
  remote: http://rubygems.org/
  specs:
    activesupport (3.1.1)
      multi_json (~> 1.0)
    addressable (2.2.6)
    data_objects (0.10.7)
      addressable (~> 2.1)
    dm-ar-finders (1.2.0)
      dm-core (~> 1.2.0)
    dm-constraints (1.2.0)
      dm-core (~> 1.2.0)
    dm-core (1.2.0)
      addressable (~> 2.2.6)
    dm-do-adapter (1.2.0)
      data_objects (~> 0.10.6)
      dm-core (~> 1.2.0)
    dm-migrations (1.2.0)
      dm-core (~> 1.2.0)
    dm-postgres-adapter (1.2.0)
      dm-do-adapter (~> 1.2.0)
      do_postgres (~> 0.10.6)
    dm-sqlite-adapter (1.2.0)
      dm-do-adapter (~> 1.2.0)
      do_sqlite3 (~> 0.10.6)
    dm-validations (1.2.0)
      dm-core (~> 1.2.0)
    do_postgres (0.10.7)
      data_objects (= 0.10.7)
    do_sqlite3 (0.10.7)
      data_objects (= 0.10.7)
    git (1.2.5)
    jeweler (1.6.4)
      bundler (~> 1.0)
      git (>= 1.2.5)
      rake
    minitest (2.7.0)
    minitest-rg (0.4)
      minitest
    multi_json (1.0.3)
    rake (0.9.2.2)
    rcov (0.9.11)
    rr (1.0.4)

PLATFORMS
  ruby

DEPENDENCIES
  activesupport (>= 3.0.0)
  bundler (~> 1.0.0)
  dm-ar-finders (>= 1.2.0)
  dm-constraints (>= 1.2.0)
  dm-migrations (>= 1.2.0)
  dm-postgres-adapter (>= 1.2.0)
  dm-sqlite-adapter (>= 1.2.0)
  dm-validations (>= 1.2.0)
  jeweler (~> 1.6.4)
  minitest
  minitest-rg
  rcov
  rr
